GEM
  remote: http://rubygems.org/
  specs:
    haml (4.0.7)
      tilt
    rack (1.6.4)
    rack-protection (1.5.3)
      rack
    rake (10.4.2)
    sass (3.4.18)
    sinatra (1.4.6)
      rack (~> 1.4)
      rack-protection (~> 1.4)
      tilt (>= 1.3, < 3)
    tilt (2.0.1)

PLATFORMS
  ruby

DEPENDENCIES
  haml
  rake
  sass
  sinatra

BUNDLED WITH
   1.10.6
